GEM
  remote: https://rubygems.org/
  specs:
    aes (0.5.1)
    concurrent-ruby (1.1.9)
    daemons (1.4.1)
    eventmachine (1.2.7)
    mustermann (1.1.1)
      ruby2_keywords (~> 0.0.1)
    packetfu (1.1.13)
      pcaprub
    paint (2.2.1)
    pcaprub (0.13.1)
    rack (2.2.3)
    rack-protection (2.1.0)
      rack
    ruby2_keywords (0.0.5)
    sinatra (2.1.0)
      mustermann (~> 1.0)
      rack (~> 2.2)
      rack-protection (= 2.1.0)
      tilt (~> 2.0)
    thin (1.8.1)
      daemons (~> 1.0, >= 1.0.9)
      eventmachine (~> 1.0, >= 1.0.4)
      rack (>= 1, < 3)
    tilt (2.0.10)
    xorcist (1.1.2)

PLATFORMS
  ruby

DEPENDENCIES
  aes
  concurrent-ruby
  packetfu
  paint
  sinatra
  thin
  xorcist

BUNDLED WITH
   2.1.2
